{
    "TaskName": "CCDT",
    "Manufacturer": "Elekta",
    "PowerLineFrequency": "n/a",
    "SamplingFrequency": 1024.0,
    "SoftwareFilters": "n/a",
    "RecordingDuration": 1699.2978515625,
    "RecordingType": "continuous",
    "iEEGReference": "n/a",
    "ECOGChannelCount": 0,
    "SEEGChannelCount": 128,
    "EEGChannelCount": 0,
    "EOGChannelCount": 0,
    "ECGChannelCount": 0,
    "EMGChannelCount": 0,
    "MiscChannelCount": 0,
    "TriggerChannelCount": 0
}
